PATH
  remote: .
  specs:
    crypted_value (0.1.0)
      bcrypt (~> 3.1)

GEM
  remote: https://rubygems.org/
  specs:
    bcrypt (3.1.12)
    minitest (5.11.3)
    rake (10.5.0)

PLATFORMS
  ruby

DEPENDENCIES
  bundler (~> 1.16)
  crypted_value!
  minitest (~> 5.0)
  rake (~> 10.0)

BUNDLED WITH
   1.16.2
